GEM
  remote: https://rubygems.org/
  specs:
    addressable (2.4.0)
    breakpoint (2.5.0)
      sass (~> 3.3)
      sassy-maps (< 1.0.0)
    chunky_png (1.3.6)
    color-schemer (0.2.8)
      compass-blend-modes (~> 0.0.2)
    compass (1.0.3)
      chunky_png (~> 1.2)
      compass-core (~> 1.0.2)
      compass-import-once (~> 1.0.5)
      rb-fsevent (>= 0.9.3)
      rb-inotify (>= 0.9)
      sass (>= 3.3.13, < 3.5)
    compass-aurora (3.0.6)
      bundler (>= 1.3.5)
      compass (>= 0.12.2)
      compass-normalize (>= 1.4.3)
      css_parser (>= 1.3.4)
      sassy-buttons (>= 0.1.4)
      toolkit (>= 0.3.0)
    compass-blend-modes (0.0.2)
      compass
    compass-core (1.0.3)
      multi_json (~> 1.0)
      sass (>= 3.3.0, < 3.5)
    compass-import-once (1.0.5)
      sass (>= 3.2, < 3.5)
    compass-normalize (1.4.3)
      compass (>= 0.12.0)
    css_parser (1.3.7)
      addressable
    ffi (1.9.24)
    multi_json (1.12.1)
    rb-fsevent (0.9.7)
    rb-inotify (0.9.7)
      ffi (>= 0.5.0)
    sass (3.4.22)
    sassy-buttons (0.1.4)
      compass (>= 0.12.2)
      sass (>= 3.2.0)
    sassy-maps (0.4.0)
      sass (~> 3.3)
    sassy-strings (1.0.0)
      compass (>= 0.12.2)
    singularitygs (1.4.0)
      breakpoint (~> 2.4)
      sass (~> 3.3)
    toolkit (1.0.0)
      breakpoint (>= 2.0.2)
      color-schemer (>= 0.2.3)
      compass (>= 0.12.2)
      sassy-strings (>= 0.1)
      singularitygs (>= 1.0.7)

PLATFORMS
  ruby

DEPENDENCIES
  breakpoint (~> 2.5.0)
  compass-aurora (~> 3.0.0)
  compass-normalize (~> 1.4.3)
  css_parser (~> 1.3.4)
  sass (~> 3.4.9)
  sassy-buttons (~> 0.1.4)
  singularitygs (~> 1.4.0)
  toolkit (~> 1.0.0)
